GEM
  remote: https://rubygems.org/
  specs:
    byebug (11.0.1)
    coderay (1.1.2)
    method_source (0.9.2)
    nio4r (2.5.2)
    pry (0.12.2)
      coderay (~> 1.1.0)
      method_source (~> 0.9.0)
    pry-byebug (3.7.0)
      byebug (~> 11.0)
      pry (~> 0.10)
    puma (4.3.3)
      nio4r (~> 2.0)
    rack (2.0.7)

PLATFORMS
  ruby

DEPENDENCIES
  pry-byebug
  puma
  rack

BUNDLED WITH
   2.1.4
